{
	"Modality": "MR",
	"MagneticFieldStrength": 3,
	"ImagingFrequency": 123.233,
	"Manufacturer": "Siemens",
	"ManufacturersModelName": "Prisma_fit",
	"InstitutionName": "UCSB Brain Imaging Center",
	"InstitutionalDepartmentName": "Psych Department",
	"InstitutionAddress": "UCEN Rd 551   Bldg 251,Isla Vista,Los Angeles,US,93117",
	"DeviceSerialNumber": "67022",
	"StationName": "MRC35273",
	"BodyPartExamined": "BRAIN",
	"PatientPosition": "HFS",
	"ProcedureStepDescription": "Lapate^Stasiak",
	"SoftwareVersions": "syngo MR E11",
	"MRAcquisitionType": "3D",
	"SeriesDescription": "t1_mprage_0.9mm",
	"ProtocolName": "t1_mprage_0.9mm",
	"ScanningSequence": "GR\\IR",
	"SequenceVariant": "SK\\SP\\MP\\OSP",
	"ScanOptions": "IR\\WE",
	"SequenceName": "*tfl3d1_16ns",
	"ImageType": ["ORIGINAL", "PRIMARY", "M", "ND", "NORM"],
	"SeriesNumber": 5,
	"AcquisitionTime": "15:51:36.512500",
	"AcquisitionNumber": 1,
	"SliceThickness": 0.94,
	"SAR": 0.0355047,
	"EchoTime": 0.00222,
	"RepetitionTime": 2.5,
	"SpoilingState": true,
	"InversionTime": 0.851,
	"FlipAngle": 7,
	"PartialFourier": 1,
	"BaseResolution": 256,
	"ShimSetting": [
		-4105,
		1241,
		-5902,
		257,
		20,
		-516,
		9,
		27	],
	"TxRefAmp": 232.278,
	"PhaseResolution": 1,
	"PhaseOversampling": 0.1,
	"ReceiveCoilName": "HeadNeck_64",
	"ReceiveCoilActiveElements": "HC1-7;NC1,2",
	"PulseSequenceDetails": "%SiemensSeq%\\tfl",
	"RefLinesPE": 24,
	"CoilCombinationMethod": "Adaptive Combine",
	"ConsistencyInfo": "N4_VE11C_LATEST_20160120",
	"MatrixCoilMode": "GRAPPA",
	"PercentPhaseFOV": 100,
	"PercentSampling": 100,
	"PhaseEncodingSteps": 282,
	"AcquisitionMatrixPE": 256,
	"ReconMatrixPE": 256,
	"ParallelReductionFactorInPlane": 2,
	"PixelBandwidth": 210,
	"DwellTime": 9.3e-06,
	"ImageOrientationPatientDICOM": [
		0.0402259,
		0.997633,
		-0.0557687,
		0.0412791,
		-0.0574255,
		-0.997496	],
	"ImageOrientationText": "Sag>Tra(-2.5)>Cor(2.2)",
	"InPlanePhaseEncodingDirectionDICOM": "ROW",
	"ConversionSoftware": "dcm2niix",
	"ConversionSoftwareVersion": "v1.0.20211006"
}
